GEM
  remote: https://rubygems.org/
  specs:
    byebug (12.0.0)
    diff-lcs (1.5.1)
    dogstatsd-ruby (5.6.6)
    logger (1.7.0)
    nio4r (2.7.4)
    puma (6.6.0)
      nio4r (~> 2.0)
    rack (3.1.14)
    rack-test (2.2.0)
      rack (>= 1.3)
    roda (3.91.0)
      rack
    rspec (3.13.0)
      rspec-core (~> 3.13.0)
      rspec-expectations (~> 3.13.0)
      rspec-mocks (~> 3.13.0)
    rspec-core (3.13.2)
      rspec-support (~> 3.13.0)
    rspec-expectations (3.13.3)
      diff-lcs (>= 1.2.0, < 2.0)
      rspec-support (~> 3.13.0)
    rspec-mocks (3.13.2)
      diff-lcs (>= 1.2.0, < 2.0)
      rspec-support (~> 3.13.0)
    rspec-support (3.13.1)

PLATFORMS
  arm64-darwin
  ruby
  x86_64-linux

DEPENDENCIES
  byebug
  dogstatsd-ruby
  logger
  puma
  rack-test
  roda
  rspec

RUBY VERSION
   ruby 3.4.2p28

BUNDLED WITH
   2.6.2
